GEM
  remote: https://rubygems.org/
  specs:
    POpen4 (0.1.4)
      Platform (>= 0.4.0)
      open4
    Platform (0.4.0)
    RedCloth (4.2.9)
    asciidoctor (1.5.2)
    awestruct (0.5.4.rc3)
      bootstrap-sass (>= 2.3.1.0)
      compass (>= 0.12.1)
      compass-960-plugin (~> 0.10.4)
      haml (~> 4.0.1)
      listen (~> 1.0)
      mime-types (= 1.25)
      nokogiri (= 1.5.10)
      rack (~> 1.5.2)
      rest-client (>= 1.6.7)
      ruby-s3cmd (~> 0.1.5)
      tilt (>= 1.3.5, < 2.0)
      zurb-foundation (>= 4.0.9, < 5.0)
    bootstrap-sass (3.3.1.0)
      sass (~> 3.2)
    chunky_png (1.3.3)
    coffee-script (2.3.0)
      coffee-script-source
      execjs
    coffee-script-source (1.8.0)
    colored (1.2)
    compass (1.0.1)
      chunky_png (~> 1.2)
      compass-core (~> 1.0.1)
      compass-import-once (~> 1.0.5)
      rb-fsevent (>= 0.9.3)
      rb-inotify (>= 0.9)
      sass (>= 3.3.13, < 3.5)
    compass-960-plugin (0.10.4)
      compass (>= 0.10.0)
    compass-core (1.0.1)
      multi_json (~> 1.0)
      sass (>= 3.3.0, < 3.5)
    compass-import-once (1.0.5)
      sass (>= 3.2, < 3.5)
    erubis (2.7.0)
    execjs (2.2.2)
    ffi (1.9.6)
    git (1.2.8)
    haml (4.0.6)
      tilt
    htmlcompressor (0.0.7)
      yui-compressor (~> 0.9.6)
    json (1.8.1)
    listen (1.3.1)
      rb-fsevent (>= 0.9.3)
      rb-inotify (>= 0.9)
      rb-kqueue (>= 0.2)
    mime-types (1.25)
    multi_json (1.10.1)
    netrc (0.10.0)
    nokogiri (1.5.10)
    open4 (1.3.4)
    rack (1.5.2)
    rake (10.0.4)
    rb-fsevent (0.9.4)
    rb-inotify (0.9.5)
      ffi (>= 0.5.0)
    rb-kqueue (0.2.3)
      ffi (>= 0.5.0)
    rdoc (4.0.1)
      json (~> 1.4)
    redcarpet (3.2.2)
    rest-client (1.7.2)
      mime-types (>= 1.16, < 3.0)
      netrc (~> 0.7)
    ruby-s3cmd (0.1.5)
    ruby_parser (3.6.3)
      sexp_processor (~> 4.1)
    sass (3.4.9)
    sexp_processor (4.4.4)
    slim (2.0.3)
      temple (~> 0.6.6)
      tilt (>= 1.3.3, < 2.1)
    stringex (2.0.11)
    temple (0.6.10)
    tilt (1.4.1)
    tomdoc (0.2.5)
      colored
      ruby_parser (>= 2.0.4)
    tzinfo (0.3.42)
    uglifier (1.3.0)
      execjs (>= 0.3.0)
      multi_json (~> 1.0, >= 1.0.2)
    yui-compressor (0.9.6)
      POpen4 (>= 0.1.4)
    zurb-foundation (4.3.2)
      sass (>= 3.2.0)

PLATFORMS
  ruby

DEPENDENCIES
  RedCloth
  asciidoctor (~> 1.5.0.preview3)
  awestruct (= 0.5.4.rc3)
  coffee-script
  erubis (~> 2.7.0)
  git (~> 1.2.5)
  haml (~> 4.0.0)
  htmlcompressor (~> 0.0.3)
  rake (~> 10.0.3)
  rb-fsevent (~> 0.9)
  rb-inotify (~> 0.9.0)
  rdoc (~> 4.0.0)
  redcarpet
  slim (~> 2.0.0)
  stringex (~> 2.0.3)
  tilt (~> 1.4.0)
  tomdoc (~> 0.2.5)
  tzinfo (~> 0.3.35)
  uglifier (~> 1.3.0)
  zurb-foundation (~> 4.3.0)
